GIT
  remote: https://github.com/mconf/bbbot-ruby.git
  revision: fcfd8c4c71371653335a46d7462ee14a9301f546
  specs:
    bbbot-ruby (0.0.1)

PATH
  remote: .
  specs:
    bigbluebutton-api-ruby (1.7.0)
      xml-simple (~> 1.1)

GEM
  remote: http://rubygems.org/
  specs:
    addressable (2.2.8)
    builder (3.0.0)
    capybara (1.1.2)
      mime-types (>= 1.16)
      nokogiri (>= 1.3.3)
      rack (>= 1.0.0)
      rack-test (>= 0.5.4)
      selenium-webdriver (~> 2.0)
      xpath (~> 0.1.4)
    childprocess (0.3.2)
      ffi (~> 1.0.6)
    cucumber (1.1.9)
      builder (>= 2.1.2)
      diff-lcs (>= 1.1.2)
      gherkin (~> 2.9.0)
      json (>= 1.4.6)
      term-ansicolor (>= 1.0.6)
    cucumber-rails (1.3.0)
      capybara (>= 1.1.2)
      cucumber (>= 1.1.8)
      nokogiri (>= 1.5.0)
    diff-lcs (1.1.3)
    ffi (1.0.11)
    forgery (0.5.0)
    gherkin (2.9.3)
      json (>= 1.4.6)
    json (1.8.3)
    libwebsocket (0.1.3)
      addressable
    mime-types (1.18)
    mini_portile (0.6.2)
    multi_json (1.3.4)
    nokogiri (1.6.6.2)
      mini_portile (~> 0.6.0)
    rack (1.4.1)
    rack-test (0.6.1)
      rack (>= 1.0)
    rake (0.9.2.2)
    rdoc (3.12)
      json (~> 1.4)
    rspec (2.10.0)
      rspec-core (~> 2.10.0)
      rspec-expectations (~> 2.10.0)
      rspec-mocks (~> 2.10.0)
    rspec-core (2.10.0)
    rspec-expectations (2.10.0)
      diff-lcs (~> 1.1.3)
    rspec-mocks (2.10.0)
    rubyzip (0.9.8)
    selenium-webdriver (2.21.2)
      childprocess (>= 0.2.5)
      ffi (~> 1.0)
      libwebsocket (~> 0.1.3)
      multi_json (~> 1.0)
      rubyzip
    term-ansicolor (1.0.7)
    xml-simple (1.1.5)
    xpath (0.1.4)
      nokogiri (~> 1.3)

PLATFORMS
  ruby

DEPENDENCIES
  bbbot-ruby!
  bigbluebutton-api-ruby!
  cucumber-rails
  forgery
  rake (>= 0.9)
  rdoc
  rspec (~> 2.10)
